NUGET
  remote: https://www.nuget.org/api/v2
    Infusion.Cli.Tools (1.0.73)
